GEM
  specs:
    coderay (1.1.3)
    method_source (1.0.0)
    pry (0.14.2)
      coderay (~> 1.1)
      method_source (~> 1.0)
    rainbow (3.1.1)

PLATFORMS
  arm64-darwin-21
  ruby

DEPENDENCIES
  pry
  rainbow

BUNDLED WITH
   2.5.6
